PATH
  remote: .
  specs:
    env-tweaks (1.0.1)
      activesupport (>= 3.0, < 7.0)

GEM
  remote: https://rubygems.org/
  specs:
    activesupport (6.1.6.1)
      concurrent-ruby (~> 1.0, >= 1.0.2)
      i18n (>= 1.6, < 2)
      minitest (>= 5.1)
      tzinfo (~> 2.0)
      zeitwerk (~> 2.3)
    appraisal (2.2.0)
      bundler
      rake
      thor (>= 0.14.0)
    concurrent-ruby (1.1.10)
    i18n (1.12.0)
      concurrent-ruby (~> 1.0)
    minitest (5.16.2)
    power_assert (1.1.3)
    rake (12.3.1)
    test-unit (3.2.8)
      power_assert
    thor (0.20.0)
    tzinfo (2.0.5)
      concurrent-ruby (~> 1.0)
    zeitwerk (2.6.0)

PLATFORMS
  ruby

DEPENDENCIES
  appraisal (~> 2.2)
  bundler (>= 1.7, < 3.0)
  env-tweaks!
  rake (~> 12.0)
  test-unit (~> 3.2)

BUNDLED WITH
   2.1.4
